GIT
  remote: git://github.com/ShelbyTV/beanstalk-client-ruby.git
  revision: b2a94be9f9a4f1a8a495fdea078055aee5ea8bcb
  specs:
    beanstalk-client (1.2.0)

GIT
  remote: git://github.com/ShelbyTV/delayed_job_mongo_mapper.git
  revision: 9967e81204a3198770119d3dcc1a00e98ea708b3
  specs:
    delayed_job_mongo_mapper (1.1.0)
      delayed_job
      mongo_mapper (>= 0.9.1)

GIT
  remote: git://github.com/arunagw/omniauth-twitter.git
  revision: 3d0ee54a7bfc843602ad195e47695b1e22f8cbec
  specs:
    omniauth-twitter (0.0.8)
      omniauth-oauth (~> 1.0)

GIT
  remote: git://github.com/collectiveidea/delayed_job.git
  revision: 4df5d96be75bc17e98d36234004f6c46dbd04ff4
  specs:
    delayed_job (3.0.1)
      activesupport (~> 3.0)

GIT
  remote: git://github.com/igrigorik/em-http-request.git
  revision: 1a4123d36a298e8043482ad7b20cb18dfbc2616b
  ref: 1a4123d36a298e8043482ad7b20cb18dfbc2616b
  specs:
    em-http-request (1.0.0)
      addressable (>= 2.2.3)
      cookiejar
      em-socksify
      eventmachine (>= 1.0.0.beta.3)
      http_parser.rb (>= 0.5.3)

GIT
  remote: git://github.com/jamiew/omniauth-tumblr.git
  revision: 0fafa6ba65940374439d46dfff7b117e8427fc30
  specs:
    omniauth-tumblr (1.0)
      omniauth-oauth (~> 1.0)

GIT
  remote: git://github.com/mkdynamic/omniauth-facebook.git
  revision: 9ce127bb4369923c17c483b3cf3ab9dd18b7f253
  specs:
    omniauth-facebook (1.2.0)
      omniauth-oauth2 (~> 1.0.0)

GIT
  remote: git://github.com/rknLA/yard-rest-plugin.git
  revision: 99cf7ba7ea349a1b072b2de83de975e9876f62cf
  specs:
    yard-rest (0.3.0)
      yard (~> 0.7.4)

GIT
  remote: git://github.com/spinosa/mongomapper.git
  revision: fb0a47aa64a5408935b1baa6722817aaf40efb29
  branch: key_abbreviation
  specs:
    mongo_mapper (0.11.0)
      activemodel (~> 3.0)
      activesupport (~> 3.0)
      plucky (~> 0.4.0)

GEM
  remote: https://rubygems.org/
  specs:
    actionmailer (3.2.2)
      actionpack (= 3.2.2)
      mail (~> 2.4.0)
    actionpack (3.2.2)
      activemodel (= 3.2.2)
      activesupport (= 3.2.2)
      builder (~> 3.0.0)
      erubis (~> 2.7.0)
      journey (~> 1.0.1)
      rack (~> 1.4.0)
      rack-cache (~> 1.1)
      rack-test (~> 0.6.1)
      sprockets (~> 2.1.2)
    activemodel (3.2.2)
      activesupport (= 3.2.2)
      builder (~> 3.0.0)
    activerecord (3.2.2)
      activemodel (= 3.2.2)
      activesupport (= 3.2.2)
      arel (~> 3.0.2)
      tzinfo (~> 0.3.29)
    activeresource (3.2.2)
      activemodel (= 3.2.2)
      activesupport (= 3.2.2)
    activesupport (3.2.2)
      i18n (~> 0.6)
      multi_json (~> 1.0)
    addressable (2.2.7)
    arel (3.0.2)
    bcrypt-ruby (3.0.1)
    bson (1.6.0)
    bson_ext (1.6.0)
      bson (= 1.6.0)
    builder (3.0.0)
    chunky_png (1.2.5)
    compass (0.11.7)
      chunky_png (~> 1.2)
      fssm (>= 0.2.7)
      sass (~> 3.1)
    cookiejar (0.3.0)
    devise (2.0.4)
      bcrypt-ruby (~> 3.0)
      orm_adapter (~> 0.0.3)
      railties (~> 3.1)
      warden (~> 1.1.1)
    diff-lcs (1.1.3)
    em-jack (0.1.5)
      eventmachine (>= 0.12.10)
    em-resolv-replace (1.1.2)
    em-socksify (0.1.0)
      eventmachine
    em-synchrony (1.0.0)
      eventmachine (>= 1.0.0.beta.1)
    erubis (2.7.0)
    eventmachine (1.0.0.beta.4)
    exception_notification (2.5.2)
      actionmailer (>= 3.0.4)
    factory_girl (2.6.1)
      activesupport (>= 2.3.9)
    factory_girl_rails (1.7.0)
      factory_girl (~> 2.6.0)
      railties (>= 3.0.0)
    faraday (0.7.6)
      addressable (~> 2.2)
      multipart-post (~> 1.1)
      rack (~> 1.1)
    fssm (0.2.8.1)
    grackle (0.1.10)
      json
      mime-types
      oauth
    haml (3.1.4)
    hashie (1.2.0)
    hike (1.2.1)
    http_parser.rb (0.5.3)
    httparty (0.8.1)
      multi_json
      multi_xml
    i18n (0.6.0)
    journey (1.0.3)
    json (1.6.5)
    koala (1.3.0)
      faraday (~> 0.7.0)
      multi_json (~> 1.0)
    mail (2.4.3)
      i18n (>= 0.4.0)
      mime-types (~> 1.16)
      treetop (~> 1.4.8)
    memcached (1.4.1)
    mime-types (1.17.2)
    mm-devise (1.3)
      devise (>= 1.2)
      mongo_mapper (>= 0.9.0)
    mongo (1.6.0)
      bson (= 1.6.0)
    multi_json (1.0.4)
    multi_xml (0.4.1)
    multipart-post (1.1.5)
    nokogiri (1.5.0)
    oauth (0.4.5)
    oauth2 (0.5.2)
      faraday (~> 0.7)
      multi_json (~> 1.0)
    omniauth (1.0.3)
      hashie (~> 1.2)
      rack
    omniauth-oauth (1.0.1)
      oauth
      omniauth (~> 1.0)
    omniauth-oauth2 (1.0.0)
      oauth2 (~> 0.5.0)
      omniauth (~> 1.0)
    orm_adapter (0.0.6)
    plucky (0.4.4)
      mongo (~> 1.5)
    polyglot (0.3.3)
    rabl (0.6.0)
      activesupport (>= 2.3.14)
      multi_json (~> 1.0.3)
    rack (1.4.1)
    rack-cache (1.2)
      rack (>= 0.4)
    rack-ssl (1.3.2)
      rack
    rack-test (0.6.1)
      rack (>= 1.0)
    rails (3.2.2)
      actionmailer (= 3.2.2)
      actionpack (= 3.2.2)
      activerecord (= 3.2.2)
      activeresource (= 3.2.2)
      activesupport (= 3.2.2)
      bundler (~> 1.0)
      railties (= 3.2.2)
    railties (3.2.2)
      actionpack (= 3.2.2)
      activesupport (= 3.2.2)
      rack-ssl (~> 1.3.2)
      rake (>= 0.8.7)
      rdoc (~> 3.4)
      thor (~> 0.14.6)
    rake (0.9.2.2)
    rdoc (3.12)
      json (~> 1.4)
    rspec (2.8.0)
      rspec-core (~> 2.8.0)
      rspec-expectations (~> 2.8.0)
      rspec-mocks (~> 2.8.0)
    rspec-core (2.8.0)
    rspec-expectations (2.8.0)
      diff-lcs (~> 1.1.2)
    rspec-mocks (2.8.0)
    rspec-rails (2.8.1)
      actionpack (>= 3.0)
      activesupport (>= 3.0)
      railties (>= 3.0)
      rspec (~> 2.8.0)
    sailthru-client (1.14)
      json
      multipart-post
    sanitize (2.0.3)
      nokogiri (>= 1.4.4, < 1.6)
    sass (3.1.15)
    sendgrid (1.0.1)
      json
      json
    settingslogic (2.0.8)
    shoulda (3.0.1)
      shoulda-context (~> 1.0.0)
      shoulda-matchers (~> 1.0.0)
    shoulda-context (1.0.0)
    shoulda-matchers (1.0.0)
    sprockets (2.1.2)
      hike (~> 1.2)
      rack (~> 1.0)
      tilt (~> 1.1, != 1.3.0)
    statsd-ruby (0.3.0)
    thor (0.14.6)
    tilt (1.3.3)
    treetop (1.4.10)
      polyglot
      polyglot (>= 0.3.1)
    tzinfo (0.3.32)
    warden (1.1.1)
      rack (>= 1.0)
    yajl-ruby (1.1.0)
    yard (0.7.5)

PLATFORMS
  ruby

DEPENDENCIES
  beanstalk-client!
  bson_ext
  compass (= 0.11.7)
  delayed_job!
  delayed_job_mongo_mapper!
  devise (>= 2.0)
  em-http-request!
  em-jack
  em-resolv-replace
  em-synchrony
  eventmachine
  exception_notification
  factory_girl_rails
  grackle
  haml
  httparty
  koala
  memcached (~> 1.4.1)
  mm-devise
  mongo_mapper!
  omniauth (~> 1.0.2)
  omniauth-facebook!
  omniauth-tumblr!
  omniauth-twitter!
  rabl (~> 0.6.0)
  rails (= 3.2.2)
  rspec-rails
  sailthru-client
  sanitize
  sendgrid
  settingslogic
  shoulda
  statsd-ruby
  yajl-ruby
  yard (~> 0.7.4)
  yard-rest (= 0.3.0)!
